GEM
  remote: https://rubygems.org/
  specs:
    rack (2.2.3)
    rspec (1.3.2)
    sinatra (1.0)
      rack (>= 1.0)

PLATFORMS
  x86_64-darwin-20

DEPENDENCIES
  rspec
  sinatra

BUNDLED WITH
   2.2.14
